GEM
  remote: http://rubygems.org/
  specs:
    activemodel (3.0.17)
      activesupport (= 3.0.17)
      builder (~> 2.1.2)
      i18n (~> 0.5.0)
    activerecord (3.0.17)
      activemodel (= 3.0.17)
      activesupport (= 3.0.17)
      arel (~> 2.0.10)
      tzinfo (~> 0.3.23)
    activesupport (3.0.17)
    arel (2.0.10)
    builder (2.1.2)
    columnize (0.3.6)
    diff-lcs (1.1.3)
    erubis (2.7.0)
    grit (2.4.1)
      diff-lcs (~> 1.1)
      mime-types (~> 1.15)
    http_router (0.9.7)
      rack (>= 1.0.0)
      url_mount (~> 0.2.1)
    i18n (0.5.0)
    linecache (0.46)
      rbx-require-relative (> 0.0.4)
    mail (2.3.3)
      i18n (>= 0.4.0)
      mime-types (~> 1.16)
      treetop (~> 1.4.8)
    metaclass (0.0.1)
    mime-types (1.19)
    mocha (0.12.4)
      metaclass (~> 0.0.1)
    padrino (0.10.1)
      padrino-admin (= 0.10.1)
      padrino-cache (= 0.10.1)
      padrino-core (= 0.10.1)
      padrino-gen (= 0.10.1)
      padrino-helpers (= 0.10.1)
      padrino-mailer (= 0.10.1)
    padrino-admin (0.10.1)
      padrino-core (= 0.10.1)
      padrino-helpers (= 0.10.1)
    padrino-cache (0.10.1)
      padrino-core (= 0.10.1)
    padrino-core (0.10.1)
      activesupport (~> 3.0.0)
      http_router (~> 0.9.4)
      sinatra (~> 1.2.6)
      thor (~> 0.14.3)
      tilt (~> 1.3.0)
    padrino-gen (0.10.1)
      bundler (~> 1.0)
      grit (~> 2.4.1)
      padrino-core (= 0.10.1)
    padrino-helpers (0.10.1)
      i18n (~> 0.5.0)
      padrino-core (= 0.10.1)
    padrino-mailer (0.10.1)
      mail (~> 2.3.0)
      padrino-core (= 0.10.1)
    polyglot (0.3.3)
    rack (1.4.1)
    rack-flash (0.1.2)
      rack
    rack-test (0.6.1)
      rack (>= 1.0)
    rake (0.9.2.2)
    rbx-require-relative (0.0.9)
    rspec (2.11.0)
      rspec-core (~> 2.11.0)
      rspec-expectations (~> 2.11.0)
      rspec-mocks (~> 2.11.0)
    rspec-core (2.11.1)
    rspec-expectations (2.11.3)
      diff-lcs (~> 1.1.3)
    rspec-mocks (2.11.2)
    ruby-debug (0.10.4)
      columnize (>= 0.1)
      ruby-debug-base (~> 0.10.4.0)
    ruby-debug-base (0.10.4)
      linecache (>= 0.3)
    sinatra (1.2.8)
      rack (~> 1.1)
      tilt (>= 1.2.2, < 2.0)
    sqlite3 (1.3.6)
    thor (0.14.6)
    tilt (1.3.3)
    treetop (1.4.10)
      polyglot
      polyglot (>= 0.3.1)
    tzinfo (0.3.33)
    url_mount (0.2.1)
      rack

PLATFORMS
  ruby

DEPENDENCIES
  activerecord
  erubis (~> 2.7.0)
  mocha
  padrino (= 0.10.1)
  rack-flash
  rack-test
  rake
  rspec
  ruby-debug
  sqlite3
